GIT
  remote: https://github.com/masterkain/net-http-spy.git
  revision: 58dc111094a61884c1ab699a09aa1ccc77cf7472
  specs:
    net-http-spy (0.2.1)

GEM
  remote: http://rubygems.org/
  specs:
    coderay (1.0.5)
    diff-lcs (1.1.3)
    git (1.2.5)
    hashie (1.2.0)
    httparty (0.8.1)
      multi_json
      multi_xml
    jeweler (1.8.3)
      bundler (~> 1.0)
      git (>= 1.2.5)
      rake
      rdoc
    json (1.6.5)
    method_source (0.7.1)
    multi_json (1.1.0)
    multi_xml (0.4.1)
    pry (0.9.8.4)
      coderay (~> 1.0.5)
      method_source (~> 0.7.1)
      slop (>= 2.4.4, < 3)
    rake (0.9.2.2)
    rdoc (3.12)
      json (~> 1.4)
    rspec (2.8.0)
      rspec-core (~> 2.8.0)
      rspec-expectations (~> 2.8.0)
      rspec-mocks (~> 2.8.0)
    rspec-core (2.8.0)
    rspec-expectations (2.8.0)
      diff-lcs (~> 1.1.2)
    rspec-mocks (2.8.0)
    simplecov (0.6.1)
      multi_json (~> 1.0)
      simplecov-html (~> 0.5.3)
    simplecov-html (0.5.3)
    slop (2.4.4)

PLATFORMS
  ruby

DEPENDENCIES
  bundler
  hashie
  httparty
  jeweler (~> 1.8.3)
  net-http-spy!
  pry
  rdoc (~> 3.12)
  rspec (~> 2.8.0)
  simplecov
